GIT
  remote: git://github.com/sparklemotion/mechanize.git
  revision: 390fdea71a183a21cab24a2af2dd0f73ed8393c5
  specs:
    mechanize (2.7.4.beta3)
      domain_name (~> 0.5, >= 0.5.1)
      http-cookie (~> 1.0)
      mime-types (>= 1.17.2, < 3)
      net-http-digest_auth (~> 1.1, >= 1.1.1)
      net-http-persistent (~> 2.5, >= 2.5.2)
      nokogiri (~> 1.6)
      ntlm-http (~> 0.1, >= 0.1.1)
      webrobots (>= 0.0.9, < 0.2)

GEM
  remote: https://ruby.taobao.org/
  specs:
    cuba (3.4.0)
      rack
    domain_name (0.5.25)
      unf (>= 0.0.5, < 1.0.0)
    http-cookie (1.0.2)
      domain_name (~> 0.5)
    mime-types (2.99)
    mini_portile2 (2.0.0)
    mote (1.1.4)
    mote-render (1.1.0)
    net-http-digest_auth (1.4)
    net-http-persistent (2.9.4)
    nokogiri (1.6.7)
      mini_portile2 (~> 2.0.0.rc2)
    ntlm-http (0.1.1)
    rack (1.6.4)
    unf (0.1.4)
      unf_ext
    unf_ext (0.0.7.1)
    webrobots (0.1.1)

PLATFORMS
  ruby

DEPENDENCIES
  cuba (~> 3.4.0)
  mechanize!
  mote
  mote-render

BUNDLED WITH
   1.10.6
